GEM
  remote: https://rubygems.org/
  specs:
    antlr3 (1.10.0)
    power_assert (0.2.3)
    test-unit (3.0.9)
      power_assert

PLATFORMS
  ruby

DEPENDENCIES
  antlr3
  test-unit
